PATH
  remote: .
  specs:
    k_sequencing (0.0.1)
      activesupport (= 4.1)
      faraday (~> 0.9.2)
      faraday_middleware (~> 0.10.0)
      faraday_middleware-active_support_json (~> 0.0.3)
      json (~> 1.8, >= 1.8.3)

GEM
  remote: https://rubygems.org/
  specs:
    activesupport (4.1.0)
      i18n (~> 0.6, >= 0.6.9)
      json (~> 1.7, >= 1.7.7)
      minitest (~> 5.1)
      thread_safe (~> 0.1)
      tzinfo (~> 1.1)
    faraday (0.9.2)
      multipart-post (>= 1.2, < 3)
    faraday_middleware (0.10.1)
      faraday (>= 0.7.4, < 1.0)
    faraday_middleware-active_support_json (0.0.3)
      activesupport (> 3, < 5)
      faraday_middleware
    i18n (0.8.4)
    json (1.8.6)
    minitest (5.10.2)
    multipart-post (2.0.0)
    thread_safe (0.3.6)
    tzinfo (1.2.3)
      thread_safe (~> 0.1)

PLATFORMS
  ruby

DEPENDENCIES
  k_sequencing!

BUNDLED WITH
   1.15.0
